GEM
  remote: https://rubygems.org/
  specs:
    docile (1.4.0)
    minitest (5.22.3)
    simplecov (0.22.0)
      docile (~> 1.1)
      simplecov-html (~> 0.11)
      simplecov_json_formatter (~> 0.1)
    simplecov-html (0.12.3)
    simplecov_json_formatter (0.1.4)

PLATFORMS
  arm64-darwin-23
  ruby

DEPENDENCIES
  minitest (~> 5.22, >= 5.22.3)
  simplecov

RUBY VERSION
   ruby 3.3.0p0

BUNDLED WITH
   2.5.6
